GEM
  remote: https://rubygems.org/
  specs:
    icalendar (2.4.1)
    mini_portile2 (2.3.0)
    nokogiri (1.8.1)
      mini_portile2 (~> 2.3.0)
    roo (2.7.1)
      nokogiri (~> 1)
      rubyzip (~> 1.1, < 2.0.0)
    rubyzip (1.2.1)

PLATFORMS
  ruby

DEPENDENCIES
  icalendar
  roo (~> 2.7.0)

BUNDLED WITH
   1.16.1
